GEM
  remote: https://rubygems.org/
  specs:
    addressable (2.5.2)
      public_suffix (>= 2.0.2, < 4.0)
    diff-lcs (1.3)
    facter (2.5.1)
    facterdb (0.3.12)
      facter
      jgrep
    faraday (0.9.2)
      multipart-post (>= 1.2, < 3)
    faraday_middleware (0.10.1)
      faraday (>= 0.7.4, < 1.0)
    fast_gettext (1.1.0)
    gettext (3.2.4)
      locale (>= 2.0.5)
      text (>= 1.3.0)
    gettext-setup (0.28)
      fast_gettext (~> 1.1.0)
      gettext (>= 3.0.2)
      locale
    hiera (3.4.0)
    jgrep (1.5.0)
    json (2.1.0)
    json-schema (2.8.0)
      addressable (>= 2.4)
    json_pure (1.8.6)
    librarian-puppet (2.2.3)
      librarianp (>= 0.6.3)
      puppet_forge (~> 2.1)
      rsync
    librarianp (0.6.3)
      thor (~> 0.15)
    locale (2.1.2)
    mcollective-client (2.11.2)
      json
      stomp
      systemu
    metaclass (0.0.4)
    metadata-json-lint (2.0.1)
      json-schema (~> 2.8)
      puppet (>= 4.7.0, < 6.0.0)
      spdx-licenses (~> 1.0)
    minitar (0.6.1)
    mocha (1.3.0)
      metaclass (~> 0.0.1)
    multipart-post (2.0.0)
    public_suffix (3.0.0)
    puppet (4.10.7)
      facter (> 2.0, < 4)
      gettext-setup (>= 0.10, < 1)
      hiera (>= 2.0, < 4)
      json_pure (~> 1.8)
      locale (~> 2.1)
    puppet-lint (2.3.0)
    puppet-syntax (2.4.1)
      rake
    puppet_forge (2.2.7)
      faraday (~> 0.9.0)
      faraday_middleware (>= 0.9.0, < 0.11.0)
      gettext-setup (~> 0.11)
      minitar
      semantic_puppet (~> 1.0)
    puppetlabs_spec_helper (2.3.2)
      mocha (~> 1.0)
      puppet-lint (~> 2.0)
      puppet-syntax (~> 2.0)
      rspec-puppet (~> 2.0)
    rake (12.1.0)
    requests (1.0.2)
    rspec (3.6.0)
      rspec-core (~> 3.6.0)
      rspec-expectations (~> 3.6.0)
      rspec-mocks (~> 3.6.0)
    rspec-core (3.6.0)
      rspec-support (~> 3.6.0)
    rspec-expectations (3.6.0)
      diff-lcs (>= 1.2.0, < 2.0)
      rspec-support (~> 3.6.0)
    rspec-mocks (3.6.0)
      diff-lcs (>= 1.2.0, < 2.0)
      rspec-support (~> 3.6.0)
    rspec-puppet (2.6.9)
      rspec
    rspec-puppet-facts (1.8.0)
      facter
      facterdb (>= 0.3.0)
      json
      mcollective-client
      puppet
    rspec-support (3.6.0)
    rsync (1.0.9)
    semantic_puppet (1.0.1)
      gettext-setup (>= 0.3)
    spdx-licenses (1.1.0)
    stomp (1.4.4)
    systemu (2.6.5)
    text (1.3.1)
    thor (0.20.0)

PLATFORMS
  ruby

DEPENDENCIES
  facter (>= 1.7.0)
  librarian-puppet
  metadata-json-lint (<= 2.0.1)
  puppet (~> 4.10)
  puppet-lint (>= 0.3.2)
  puppet-syntax
  puppetlabs_spec_helper (>= 0.1.0)
  rake
  requests
  rspec
  rspec-puppet
  rspec-puppet-facts

BUNDLED WITH
   1.15.4
